GEM
  remote: https://rubygems.org/
  specs:
    builder (3.2.2)
    byebug (8.2.2)
    coderay (1.1.0)
    colorator (0.1)
    daemons (1.2.3)
    dotenv (2.1.0)
    eventmachine (1.0.9.1)
    ffi (1.9.10)
    foreman (0.78.0)
      thor (~> 0.19.1)
    git-version-bump (0.15.1)
    jekyll (3.1.2)
      colorator (~> 0.1)
      jekyll-sass-converter (~> 1.0)
      jekyll-watch (~> 1.1)
      kramdown (~> 1.3)
      liquid (~> 3.0)
      mercenary (~> 0.3.3)
      rouge (~> 1.7)
      safe_yaml (~> 1.0)
    jekyll-authors (0.0.3)
      jekyll (>= 0.10.0)
    jekyll-categories (0.0.2)
      jekyll (>= 0.10.0)
    jekyll-paginate (1.1.0)
    jekyll-sass-converter (1.4.0)
      sass (~> 3.4)
    jekyll-titleize (0.1.0)
      titleize (~> 1.3)
    jekyll-watch (1.3.1)
      listen (~> 3.0)
    kramdown (1.10.0)
    liquid (3.0.6)
    listen (3.0.6)
      rb-fsevent (>= 0.9.3)
      rb-inotify (>= 0.9.7)
    mercenary (0.3.6)
    method_source (0.8.2)
    posix-spawn (0.3.9)
    pry (0.10.3)
      coderay (~> 1.1.0)
      method_source (~> 0.8.1)
      slop (~> 3.4)
    pry-byebug (3.3.0)
      byebug (~> 8.0)
      pry (~> 0.10)
    pygments.rb (0.6.0)
      posix-spawn (~> 0.3.6)
      yajl-ruby (~> 1.1.0)
    rack (1.6.4)
    rack-contrib (1.4.0)
      git-version-bump (~> 0.15)
      rack (~> 1.4)
    rake (10.5.0)
    rb-fsevent (0.9.7)
    rb-inotify (0.9.7)
      ffi (>= 0.5.0)
    redcarpet (3.2.2)
    rouge (1.10.1)
    safe_yaml (1.0.4)
    sass (3.4.22)
    sitemap_generator (5.1.0)
      builder
    slop (3.6.0)
    thin (1.6.4)
      daemons (~> 1.0, >= 1.0.9)
      eventmachine (~> 1.0, >= 1.0.4)
      rack (~> 1.0)
    thor (0.19.1)
    titleize (1.4.0)
    yajl-ruby (1.1.0)

PLATFORMS
  ruby

DEPENDENCIES
  byebug
  dotenv
  foreman
  jekyll (~> 3.0)
  jekyll-authors
  jekyll-categories
  jekyll-paginate
  jekyll-titleize
  pry
  pry-byebug
  pygments.rb
  rack-contrib
  rake
  redcarpet
  sitemap_generator
  thin

BUNDLED WITH
   1.12.1
